PATH
  remote: .
  specs:
    mini_magick (3.4)
      subexec (~> 0.2.1)

GEM
  remote: http://rubygems.org/
  specs:
    rake (0.9.2.2)
    subexec (0.2.2)
    test-unit (2.4.8)

PLATFORMS
  java
  ruby

DEPENDENCIES
  mini_magick!
  rake
  test-unit
